GEM
  remote: https://rubygems.org/
  specs:
    exifr (1.1.3)
    fspath (2.1.0)
    image_optim (0.15.0)
      exifr (~> 1.1.3)
      fspath (~> 2.1.0)
      image_size (~> 1.3.0)
      in_threads (~> 1.2.2)
      progress (~> 3.0.1)
    image_size (1.3.1)
    in_threads (1.2.2)
    progress (3.0.1)

PLATFORMS
  ruby

DEPENDENCIES
  image_optim
